GEM
  remote: http://rubygems.org/
  specs:
    crack (0.3.1)
    hashie (0.2.2)
    httparty (0.4.5)
      crack (>= 0.1.1)
    i18n (0.6.0)
    json (1.2.0)
    mail (2.3.0)
      i18n (>= 0.4.0)
      mime-types (~> 1.16)
      treetop (~> 1.4.8)
    mime-types (1.17.2)
    mustache (0.11.2)
    octopussy (0.2.3)
      hashie (~> 0.2.0)
      httparty (~> 0.4.5)
    polyglot (0.3.3)
    pony (1.0)
      mail (> 2.0)
    rack (1.3.5)
    sinatra (1.0)
      rack (>= 1.0)
    treetop (1.4.10)
      polyglot
      polyglot (>= 0.3.1)

PLATFORMS
  ruby

DEPENDENCIES
  json (= 1.2.0)
  mustache (= 0.11.2)
  octopussy (= 0.2.3)
  pony (= 1.0)
  sinatra (= 1.0)
